GEM
  remote: https://rubygems.org/
  specs:
    addressable (2.7.0)
      public_suffix (>= 2.0.2, < 5.0)
    launchy (2.5.0)
      addressable (~> 2.7)
    mini_portile2 (2.4.0)
    nokogiri (1.10.10)
      mini_portile2 (~> 2.4.0)
    public_suffix (4.0.6)

PLATFORMS
  ruby
  x86_64-linux

DEPENDENCIES
  launchy
  nokogiri

BUNDLED WITH
   2.2.0
